PATH
  remote: .
  specs:
    fluent-plugin-solr (0.1.1)
      fluentd (~> 0.10.39)
      rsolr (~> 1.0.9)

GEM
  remote: http://rubygems.org/
  specs:
    builder (3.2.2)
    cool.io (1.1.1)
      iobuffer (>= 1.0.0)
    fluentd (0.10.39)
      cool.io (~> 1.1.1)
      http_parser.rb (~> 0.5.1)
      json (>= 1.4.3)
      msgpack (>= 0.4.4, < 0.6.0, != 0.5.3, != 0.5.2, != 0.5.1, != 0.5.0)
      yajl-ruby (~> 1.0)
    git (1.2.5)
    http_parser.rb (0.5.3)
    iobuffer (1.1.2)
    jeweler (1.6.4)
      bundler (~> 1.0)
      git (>= 1.2.5)
      rake
    json (1.8.0)
    msgpack (0.5.6)
    rake (0.9.2)
    rsolr (1.0.9)
      builder (>= 2.1.2)
    yajl-ruby (1.1.0)

PLATFORMS
  ruby

DEPENDENCIES
  bundler (~> 1.3.0)
  fluent-plugin-solr!
  jeweler (~> 1.6.4)
